GEM
  remote: https://rubygems.org/
  specs:
    rack (2.0.7)

PLATFORMS
  ruby

DEPENDENCIES
  rack (~> 2.0)

RUBY VERSION
   ruby 2.6.0p0

BUNDLED WITH
   2.0.1
