GEM
  remote: https://rubygems.org/
  specs:
    rack (2.0.7)
    rake (12.3.2)

PLATFORMS
  ruby

DEPENDENCIES
  rack (~> 2.0)
  rake (~> 12.3)

BUNDLED WITH
   2.0.1
